GIT
  remote: http://github.com/thumblemonks/riot-rails.git
  revision: 5c1ea8b2f870110e5c7069b61eb58a76a100bdef
  tag: v0.2.0.pre.3
  specs:
    riot-rails (0.2.0.pre.3)
      rack-test (>= 0.5.3)
      riot (>= 0.11.1)

GEM
  remote: http://rubygems.org/
  specs:
    activemodel (3.0.0)
      activesupport (= 3.0.0)
      builder (~> 2.1.2)
      i18n (~> 0.4.1)
    activerecord (3.0.0)
      activemodel (= 3.0.0)
      activesupport (= 3.0.0)
      arel (~> 1.0.0)
      tzinfo (~> 0.3.23)
    activesupport (3.0.0)
    arel (1.0.1)
      activesupport (~> 3.0.0)
    builder (2.1.2)
    columnize (0.3.1)
    i18n (0.4.1)
    linecache (0.43)
    mysql (2.8.1)
    rack (1.2.1)
    rack-test (0.5.5)
      rack (>= 1.0)
    riot (0.11.4)
      rr
      term-ansicolor
    rr (1.0.0)
    ruby-debug (0.10.3)
      columnize (>= 0.1)
      ruby-debug-base (~> 0.10.3.0)
    ruby-debug-base (0.10.3)
      linecache (>= 0.3)
    term-ansicolor (1.0.5)
    tzinfo (0.3.23)

PLATFORMS
  ruby

DEPENDENCIES
  activerecord
  mysql
  riot
  riot-rails (= 0.2.0.pre.3)!
  ruby-debug
